PATH
  remote: .
  specs:
    parker (0.0.1)
      dotenv (~> 2.0.1)
      hipchat (~> 1.5.1)
      octokit (~> 3.3)
      rotp (~> 2.0)

GEM
  remote: https://rubygems.org/
  specs:
    addressable (2.3.8)
    ast (2.0.0)
    astrolabe (1.3.0)
      parser (>= 2.2.0.pre.3, < 3.0)
    codeclimate-test-reporter (0.4.7)
      simplecov (>= 0.7.1, < 1.0.0)
    coderay (1.1.0)
    diff-lcs (1.2.5)
    docile (1.1.5)
    dotenv (2.0.1)
    faraday (0.9.1)
      multipart-post (>= 1.2, < 3)
    fuubar (2.0.0)
      rspec (~> 3.0)
      ruby-progressbar (~> 1.4)
    hipchat (1.5.1)
      httparty
      mimemagic
    httparty (0.13.3)
      json (~> 1.8)
      multi_xml (>= 0.5.2)
    json (1.8.2)
    method_source (0.8.2)
    mimemagic (0.3.0)
    multi_xml (0.5.5)
    multipart-post (2.0.0)
    octokit (3.8.0)
      sawyer (~> 0.6.0, >= 0.5.3)
    parser (2.2.2.2)
      ast (>= 1.1, < 3.0)
    powerpack (0.0.9)
    pry (0.10.1)
      coderay (~> 1.1.0)
      method_source (~> 0.8.1)
      slop (~> 3.4)
    rainbow (2.0.0)
    rake (10.4.2)
    rotp (2.1.0)
    rspec (3.2.0)
      rspec-core (~> 3.2.0)
      rspec-expectations (~> 3.2.0)
      rspec-mocks (~> 3.2.0)
    rspec-core (3.2.3)
      rspec-support (~> 3.2.0)
    rspec-expectations (3.2.1)
      diff-lcs (>= 1.2.0, < 2.0)
      rspec-support (~> 3.2.0)
    rspec-mocks (3.2.1)
      diff-lcs (>= 1.2.0, < 2.0)
      rspec-support (~> 3.2.0)
    rspec-support (3.2.2)
    rubocop (0.28.0)
      astrolabe (~> 1.3)
      parser (>= 2.2.0.pre.7, < 3.0)
      powerpack (~> 0.0.6)
      rainbow (>= 1.99.1, < 3.0)
      ruby-progressbar (~> 1.4)
    ruby-progressbar (1.7.5)
    sawyer (0.6.0)
      addressable (~> 2.3.5)
      faraday (~> 0.8, < 0.10)
    simplecov (0.10.0)
      docile (~> 1.1.0)
      json (~> 1.8)
      simplecov-html (~> 0.10.0)
    simplecov-html (0.10.0)
    slop (3.6.0)
    yard (0.8.7.6)

PLATFORMS
  ruby

DEPENDENCIES
  bundler (~> 1.5)
  codeclimate-test-reporter (~> 0.4, >= 0.4.0)
  fuubar (~> 2.0)
  parker!
  pry (~> 0.10, >= 0.10.1)
  rake (~> 10.2)
  rspec (~> 3.0)
  rubocop (~> 0.28.0)
  yard (~> 0.8.7)
